GEM
  remote: https://rubygems.org/
  specs:
    diff-lcs (1.3)
    parallel (1.13.0)
    rspec (3.8.0)
      rspec-core (~> 3.8.0)
      rspec-expectations (~> 3.8.0)
      rspec-mocks (~> 3.8.0)
    rspec-core (3.8.0)
      rspec-support (~> 3.8.0)
    rspec-expectations (3.8.2)
      diff-lcs (>= 1.2.0, < 2.0)
      rspec-support (~> 3.8.0)
    rspec-mocks (3.8.0)
      diff-lcs (>= 1.2.0, < 2.0)
      rspec-support (~> 3.8.0)
    rspec-support (3.8.0)
    yard (0.9.18)

PLATFORMS
  ruby

DEPENDENCIES
  parallel (~> 1.13)
  rspec (~> 3.8)
  yard (~> 0.9.18)

BUNDLED WITH
   1.17.3
